GEM
  remote: http://rubygems.org/
  specs:
    coderay (1.1.3)
    concurrent-ruby (1.3.5)
    faker (2.23.0)
      i18n (>= 1.8.11, < 2)
    i18n (1.14.7)
      concurrent-ruby (~> 1.0)
    method_source (1.1.0)
    pry (0.15.2)
      coderay (~> 1.1)
      method_source (~> 1.0)

PLATFORMS
  x64-mingw-ucrt

DEPENDENCIES
  faker (~> 2.0)
  pry

BUNDLED WITH
   2.7.0
